GEM
  remote: http://rubygems.org/
  specs:
    activesupport (4.0.2)
      i18n (~> 0.6, >= 0.6.4)
      minitest (~> 4.2)
      multi_json (~> 1.3)
      thread_safe (~> 0.1)
      tzinfo (~> 0.3.37)
    addressable (2.2.8)
    atomic (1.1.14)
    diff-lcs (1.1.3)
    excon (0.5.8)
    faraday (0.5.7)
      addressable (~> 2.2.4)
      multipart-post (~> 1.1.0)
      rack (>= 1.1.0, < 2)
    i18n (0.6.9)
    minitest (4.7.5)
    multi_json (1.8.2)
    multipart-post (1.1.5)
    rack (1.5.2)
    rake (0.8.7)
    rspec (2.1.0)
      rspec-core (~> 2.1.0)
      rspec-expectations (~> 2.1.0)
      rspec-mocks (~> 2.1.0)
    rspec-core (2.1.0)
    rspec-expectations (2.1.0)
      diff-lcs (~> 1.1.2)
    rspec-mocks (2.1.0)
    thread_safe (0.1.3)
      atomic
    tzinfo (0.3.38)
    yajl-ruby (0.8.3)

PLATFORMS
  ruby

DEPENDENCIES
  activesupport
  bundler
  excon (~> 0.5.6)
  faraday (~> 0.5.7)
  i18n
  rake (~> 0.8.7)
  rspec (= 2.1.0)
  yajl-ruby (~> 0.8.1)
